PATH
  remote: .
  specs:
    peru-sunat-ruc (0.1.0)

GEM
  remote: https://rubygems.org/
  specs:
    coderay (1.1.1)
    domain_name (0.5.20160310)
      unf (>= 0.0.5, < 1.0.0)
    mechanize (2.1.1)
      domain_name (~> 0.5, >= 0.5.1)
      net-http-digest_auth (~> 1.1, >= 1.1.1)
      net-http-persistent (~> 2.4, >= 2.4.1)
      nokogiri (~> 1.4)
      ntlm-http (~> 0.1, >= 0.1.1)
      webrobots (~> 0.0, >= 0.0.9)
    method_source (0.8.2)
    mini_portile2 (2.1.0)
    net-http-digest_auth (1.4)
    net-http-persistent (2.9.4)
    nokogiri (1.6.8)
      mini_portile2 (~> 2.1.0)
      pkg-config (~> 1.1.7)
    ntlm-http (0.1.1)
    pkg-config (1.1.7)
    pry (0.10.4)
      coderay (~> 1.1.0)
      method_source (~> 0.8.1)
      slop (~> 3.4)
    rake (10.5.0)
    slop (3.6.0)
    unf (0.1.4)
      unf_ext
    unf_ext (0.0.7.2)
    webrobots (0.1.2)

PLATFORMS
  ruby

DEPENDENCIES
  bundler (~> 1.13)
  mechanize
  peru-sunat-ruc!
  pry
  rake (~> 10.0)

BUNDLED WITH
   1.13.6
